GEM
  remote: https://rubygems.org/
  specs:
    addressable (2.8.6)
      public_suffix (>= 2.0.2, < 6.0)
    base64 (0.2.0)
    colorize (1.1.0)
    diff-lcs (1.5.1)
    faraday (2.9.0)
      faraday-net_http (>= 2.0, < 3.2)
    faraday-net_http (3.1.0)
      net-http
    git-pr-release (2.2.0)
      colorize
      diff-lcs
      highline
      octokit
    highline (3.0.1)
    net-http (0.4.1)
      uri
    octokit (8.1.0)
      base64
      faraday (>= 1, < 3)
      sawyer (~> 0.9)
    public_suffix (5.0.4)
    sawyer (0.9.2)
      addressable (>= 2.3.5)
      faraday (>= 0.17.3, < 3)
    uri (0.13.0)

PLATFORMS
  arm64-darwin-22
  x86_64-linux

DEPENDENCIES
  git-pr-release

BUNDLED WITH
   2.4.1
